GEM
  remote: https://rubygems.org/
  specs:
    stomp (1.3.3)

PLATFORMS
  ruby

DEPENDENCIES
  stomp
